GIT
  remote: git://github.com/sferik/rails_admin.git
  revision: 7ca591714c851d696cb0697f70180b72505facb8
  branch: rails-3.0
  specs:
    rails_admin (0.0.1)
      builder (~> 2.1.0)
      haml (>= 3.1.0, < 3.3.0)
      rails (~> 3.0.10)

GEM
  remote: http://rubygems.org/
  specs:
    abstract (1.0.0)
    actionmailer (3.0.10)
      actionpack (= 3.0.10)
      mail (~> 2.2.19)
    actionpack (3.0.10)
      activemodel (= 3.0.10)
      activesupport (= 3.0.10)
      builder (~> 2.1.2)
      erubis (~> 2.6.6)
      i18n (~> 0.5.0)
      rack (~> 1.2.1)
      rack-mount (~> 0.6.14)
      rack-test (~> 0.5.7)
      tzinfo (~> 0.3.23)
    activemodel (3.0.10)
      activesupport (= 3.0.10)
      builder (~> 2.1.2)
      i18n (~> 0.5.0)
    activerecord (3.0.10)
      activemodel (= 3.0.10)
      activesupport (= 3.0.10)
      arel (~> 2.0.10)
      tzinfo (~> 0.3.23)
    activeresource (3.0.10)
      activemodel (= 3.0.10)
      activesupport (= 3.0.10)
    activesupport (3.0.10)
    archive-tar-minitar (0.5.2)
    arel (2.0.10)
    bcrypt-ruby (2.1.4)
    brightbox (2.3.8)
      capistrano (>= 2.5)
    builder (2.1.2)
    capistrano (2.6.0)
      highline
      net-scp (>= 1.0.0)
      net-sftp (>= 2.0.0)
      net-ssh (>= 2.0.14)
      net-ssh-gateway (>= 1.1.0)
    capistrano-ext (1.2.1)
      capistrano (>= 1.0.0)
    capybara (1.0.0)
      mime-types (>= 1.16)
      nokogiri (>= 1.3.3)
      rack (>= 1.0.0)
      rack-test (>= 0.5.4)
      selenium-webdriver (~> 0.2.0)
      xpath (~> 0.1.4)
    childprocess (0.2.0)
      ffi (~> 1.0.6)
    columnize (0.3.4)
    devise (1.4.2)
      bcrypt-ruby (~> 2.1.2)
      orm_adapter (~> 0.0.3)
      warden (~> 1.0.3)
    erubis (2.6.6)
      abstract (>= 1.0.0)
    factory_girl (2.0.2)
    factory_girl_rails (1.1.0)
      factory_girl (~> 2.0.0)
      railties (>= 3.0.0)
    ffi (1.0.9)
    globalize3 (0.1.0)
      activemodel (>= 3.0.0)
      activerecord (>= 3.0.0)
    growl (1.0.3)
    guard (0.5.1)
      thor (~> 0.14.6)
    guard-test (0.3.0)
      guard (>= 0.2.2)
      test-unit (~> 2.2)
    haml (3.1.2)
    highline (1.6.2)
    i18n (0.5.0)
    jquery-rails (1.0.12)
      railties (~> 3.0)
      thor (~> 0.14)
    json_pure (1.5.3)
    linecache19 (0.5.12)
      ruby_core_source (>= 0.1.4)
    mail (2.2.19)
      activesupport (>= 2.3.6)
      i18n (>= 0.4.0)
      mime-types (~> 1.16)
      treetop (~> 1.4.8)
    mime-types (1.16)
    net-scp (1.0.4)
      net-ssh (>= 1.99.1)
    net-sftp (2.0.5)
      net-ssh (>= 2.0.9)
    net-ssh (2.1.4)
    net-ssh-gateway (1.1.0)
      net-ssh (>= 1.99.1)
    nokogiri (1.5.0)
    orm_adapter (0.0.5)
    pg (0.11.0)
    polyglot (0.3.2)
    rack (1.2.3)
    rack-mount (0.6.14)
      rack (>= 1.0.0)
    rack-test (0.5.7)
      rack (>= 1.0)
    rails (3.0.10)
      actionmailer (= 3.0.10)
      actionpack (= 3.0.10)
      activerecord (= 3.0.10)
      activeresource (= 3.0.10)
      activesupport (= 3.0.10)
      bundler (~> 1.0)
      railties (= 3.0.10)
    railties (3.0.10)
      actionpack (= 3.0.10)
      activesupport (= 3.0.10)
      rake (>= 0.8.7)
      rdoc (~> 3.4)
      thor (~> 0.14.4)
    rake (0.8.7)
    rb-fsevent (0.4.2)
    rdoc (3.9.2)
    ruby-debug-base19 (0.11.25)
      columnize (>= 0.3.1)
      linecache19 (>= 0.5.11)
      ruby_core_source (>= 0.1.4)
    ruby-debug19 (0.11.6)
      columnize (>= 0.3.1)
      linecache19 (>= 0.5.11)
      ruby-debug-base19 (>= 0.11.19)
    ruby_core_source (0.1.5)
      archive-tar-minitar (>= 0.5.2)
    rubyzip (0.9.4)
    selenium-webdriver (0.2.2)
      childprocess (>= 0.1.9)
      ffi (>= 1.0.7)
      json_pure
      rubyzip
    test-unit (2.3.0)
    thor (0.14.6)
    treetop (1.4.10)
      polyglot
      polyglot (>= 0.3.1)
    tzinfo (0.3.29)
    warden (1.0.5)
      rack (>= 1.0)
    xpath (0.1.4)
      nokogiri (~> 1.3)

PLATFORMS
  ruby

DEPENDENCIES
  brightbox
  capistrano
  capistrano-ext
  capybara
  devise
  factory_girl_rails
  globalize3
  growl
  guard-test
  jquery-rails
  pg
  rails (= 3.0.10)
  rails_admin (= 0.0.1)!
  rake (= 0.8.7)
  rb-fsevent
  ruby-debug19
